GEM
  remote: https://rubygems.org/
  specs:
    diff-lcs (1.2.5)
    kitchen (0.0.3)
    kitchen-ansible (0.0.5)
    kitchen-vagrant (0.15.0)
      test-kitchen (~> 1.0)
    mixlib-shellout (1.6.1)
    multi_json (1.10.1)
    net-scp (1.2.1)
      net-ssh (>= 2.6.5)
    net-ssh (2.9.2)
    rspec (3.1.0)
      rspec-core (~> 3.1.0)
      rspec-expectations (~> 3.1.0)
      rspec-mocks (~> 3.1.0)
    rspec-core (3.1.7)
      rspec-support (~> 3.1.0)
    rspec-expectations (3.1.2)
      diff-lcs (>= 1.2.0, < 2.0)
      rspec-support (~> 3.1.0)
    rspec-its (1.1.0)
      rspec-core (>= 3.0.0)
      rspec-expectations (>= 3.0.0)
    rspec-mocks (3.1.3)
      rspec-support (~> 3.1.0)
    rspec-support (3.1.2)
    safe_yaml (1.0.4)
    serverspec (2.7.1)
      multi_json
      rspec (~> 3.0)
      rspec-its
      specinfra (~> 2.10)
    specinfra (2.11.3)
      net-scp
      net-ssh
    test-kitchen (1.2.1)
      mixlib-shellout (~> 1.2)
      net-scp (~> 1.1)
      net-ssh (~> 2.7)
      safe_yaml (~> 1.0)
      thor (~> 0.18)
    thor (0.19.1)

PLATFORMS
  ruby

DEPENDENCIES
  kitchen
  kitchen-ansible
  kitchen-vagrant
  serverspec (>= 2.0.0)
